GIT
  remote: git://github.com/FernandoEscher/sql_funk.git
  revision: 562e07af7c14b391332fdeaa8946df0f12e617da
  specs:
    sql_funk (0.0.4)

GIT
  remote: git://github.com/alexdunae/validates_email_format_of.git
  revision: 46b832f7c778cc73f45ebc84cffba03c33294928
  specs:
    validates_email_format_of (1.5.3)

GIT
  remote: git://github.com/arsduo/koala.git
  revision: 0239c57c552e4fa36e2caf80d138bad9e3bcf30a
  ref: 0239c57c552e4fa36e2caf80d138bad9e3bcf30a
  specs:
    koala (1.7.0)
      addressable
      faraday
      multi_json

GIT
  remote: git://github.com/dangerp/omniauth-windowslive.git
  revision: 5abf18df60b314b9955400c45c854f1de099824f
  specs:
    omniauth-windowslive (0.0.8.2)
      multi_json (>= 1.0.3)
      omniauth-oauth2 (~> 1.0)

GIT
  remote: git://github.com/engageis/activerecord-postgres-hstore.git
  revision: 5dba5d773bff9eaf77d8126ce5ce67afcad9f548
  specs:
    activerecord-postgres-hstore (0.7.6)
      activerecord (>= 3.1)
      pg-hstore (>= 1.1.5)
      rake

GIT
  remote: git://github.com/fred/anytime-rails.git
  revision: 0dc89e2c4e694ef1dc2a18cf6680eca942f959f8
  specs:
    anytime (1.0.1)
      jquery-rails (>= 1.0.0)
      rails (>= 3.0.0)

GIT
  remote: git://github.com/fred/letter_opener.git
  revision: 36c51c0de1b982b8b2bedb018cd4f2b014330d44
  branch: fred
  specs:
    letter_opener (0.0.2)
      launchy

GIT
  remote: git://github.com/fred/opinio.git
  revision: 1614b8a0ea0c91667d0628333761b6cb24f886e4
  branch: fred
  specs:
    opinio (0.4.1)
      jquery-rails
      kaminari
      rails (~> 3)

GIT
  remote: git://github.com/galetahub/simple-captcha.git
  revision: 3557b78feb5fa2624efce065ff77dd4775a8256f
  specs:
    simple_captcha (0.1.5)

GIT
  remote: git://github.com/gregbell/active_admin.git
  revision: 07439545b1813c1ca096ba4ad41b22eaa8bc29f2
  specs:
    activeadmin (0.6.0)
      arbre (>= 1.0.1)
      bourbon (>= 1.0.0)
      devise (>= 1.1.2)
      fastercsv
      formtastic (>= 2.0.0)
      inherited_resources (>= 1.3.1)
      jquery-rails (>= 1.0.0, < 3.0.0)
      kaminari (>= 0.13.0)
      meta_search (>= 0.9.2)
      rails (>= 3.0.0)
      sass (>= 3.1.0)

GIT
  remote: git://github.com/michelson/lazy_high_charts.git
  revision: 04c3aefc085b2950dcceba41ad5934a002e6ed88
  specs:
    lazy_high_charts (1.5.0.beta1)
      bundler (>= 1.0)
      hash-deep-merge

GIT
  remote: git://github.com/sunspot/sunspot.git
  revision: c768d11731e103a7c1794dc29172fbe8fe8b7115
  ref: c768d11731e103a7c1794dc29172fbe8fe8b7115
  specs:
    sunspot (2.0.0.pre.130115)
      pr_geohash (~> 1.0)
      rsolr (~> 1.0.7)
    sunspot_rails (2.0.0.pre.130115)
      nokogiri
      sunspot (= 2.0.0.pre.130115)
    sunspot_solr (2.0.0.pre.130115)

GEM
  remote: http://rubygems.org/
  specs:
    actionmailer (3.2.14)
      actionpack (= 3.2.14)
      mail (~> 2.5.4)
    actionpack (3.2.14)
      activemodel (= 3.2.14)
      activesupport (= 3.2.14)
      builder (~> 3.0.0)
      erubis (~> 2.7.0)
      journey (~> 1.0.4)
      rack (~> 1.4.5)
      rack-cache (~> 1.2)
      rack-test (~> 0.6.1)
      sprockets (~> 2.2.1)
    activemodel (3.2.14)
      activesupport (= 3.2.14)
      builder (~> 3.0.0)
    activerecord (3.2.14)
      activemodel (= 3.2.14)
      activesupport (= 3.2.14)
      arel (~> 3.0.2)
      tzinfo (~> 0.3.29)
    activerecord-jdbc-adapter (1.3.1)
      activerecord (>= 2.2)
    activerecord-jdbcpostgresql-adapter (1.3.1)
      activerecord-jdbc-adapter (~> 1.3.1)
      jdbc-postgres (>= 9.1)
    activeresource (3.2.14)
      activemodel (= 3.2.14)
      activesupport (= 3.2.14)
    activesupport (3.2.14)
      i18n (~> 0.6, >= 0.6.4)
      multi_json (~> 1.0)
    addressable (2.3.5)
    ansi (1.4.3)
    arbre (1.0.1)
      activesupport (>= 3.0.0)
    arel (3.0.2)
    bcrypt-ruby (3.1.2)
    bcrypt-ruby (3.1.2-java)
    bouncy-castle-java (1.5.0147)
    bourbon (3.1.8)
      sass (>= 3.2.0)
      thor
    brakeman (2.1.2)
      erubis (~> 2.6)
      fastercsv (~> 1.5)
      haml (>= 3.0, < 5.0)
      highline (~> 1.6.19)
      multi_json (~> 1.2)
      ruby2ruby (~> 2.0.5)
      ruby_parser (~> 3.2.2)
      sass (~> 3.0)
      slim (>= 1.3.6, < 3.0)
      terminal-table (~> 1.4)
    builder (3.0.4)
    cancan (1.6.10)
    capistrano (2.15.5)
      highline
      net-scp (>= 1.0.0)
      net-sftp (>= 2.0.0)
      net-ssh (>= 2.0.14)
      net-ssh-gateway (>= 1.1.0)
    capistrano-ext (1.2.1)
      capistrano (>= 1.0.0)
    capybara (2.1.0)
      mime-types (>= 1.16)
      nokogiri (>= 1.3.3)
      rack (>= 1.0.0)
      rack-test (>= 0.5.4)
      xpath (~> 2.0)
    carrierwave (0.8.0)
      activemodel (>= 3.2.0)
      activesupport (>= 3.2.0)
    celluloid (0.15.1)
      timers (~> 1.1.0)
    coderay (1.0.9)
    coffee-rails (3.2.2)
      coffee-script (>= 2.2.0)
      railties (~> 3.2.0)
    coffee-script (2.2.0)
      coffee-script-source
      execjs
    coffee-script-source (1.6.3)
    commonjs (0.2.7)
    connection_pool (1.1.0)
    country-select (1.1.1)
    cucumber (1.3.8)
      builder (>= 2.1.2)
      diff-lcs (>= 1.1.3)
      gherkin (~> 2.12.1)
      multi_json (>= 1.7.5, < 2.0)
      multi_test (>= 0.0.2)
    cucumber-rails (1.4.0)
      capybara (>= 1.1.2)
      cucumber (>= 1.2.0)
      nokogiri (>= 1.5.0)
      rails (>= 3.0.0)
    database_cleaner (1.1.1)
    devise (2.2.7)
      bcrypt-ruby (~> 3.0)
      orm_adapter (~> 0.1)
      railties (~> 3.1)
      warden (~> 1.2.1)
    diff-lcs (1.2.4)
    dotenv (0.9.0)
    erubis (2.7.0)
    exception_notification (2.6.1)
      actionmailer (>= 3.0.4)
    excon (0.23.0)
    execjs (2.0.1)
    factory_girl (4.2.0)
      activesupport (>= 3.0.0)
    factory_girl_rails (4.2.1)
      factory_girl (~> 4.2.0)
      railties (>= 3.0.0)
    faraday (0.8.8)
      multipart-post (~> 1.2.0)
    fast_gettext (0.8.0)
    fastercsv (1.5.5)
    ffi (1.9.0-java)
    fog (1.12.1)
      builder
      excon (~> 0.23.0)
      formatador (~> 0.2.0)
      mime-types
      multi_json (~> 1.0)
      net-scp (~> 1.1)
      net-ssh (>= 2.1.3)
      nokogiri (~> 1.5.0)
      ruby-hmac
    foreman (0.63.0)
      dotenv (>= 0.7)
      thor (>= 0.13.6)
    foreman (0.63.0-java)
      dotenv (>= 0.7)
      thor (>= 0.13.6)
    formatador (0.2.4)
    formtastic (2.2.1)
      actionpack (>= 3.0)
    friendly_id (4.0.10.1)
      activerecord (>= 3.0, < 4.0)
    fuubar (1.2.1)
      rspec (~> 2.0)
      rspec-instafail (~> 0.2.0)
      ruby-progressbar (~> 1.0)
    gettext (2.2.1)
      locale
    gettext_i18n_rails (0.10.1)
      fast_gettext (>= 0.4.8)
    gherkin (2.12.1)
      multi_json (~> 1.3)
    gherkin (2.12.1-java)
      multi_json (~> 1.3)
    haml (4.0.3)
      tilt
    has_scope (0.6.0.rc)
      actionpack (>= 3.2, < 5)
      activesupport (>= 3.2, < 5)
    hash-deep-merge (0.1.1)
    hashie (2.0.5)
    highline (1.6.19)
    hike (1.2.3)
    hirb (0.7.1)
    httpauth (0.2.0)
    i18n (0.6.5)
    inherited_resources (1.4.1)
      has_scope (~> 0.6.0.rc)
      responders (~> 1.0.0.rc)
    jdbc-postgres (9.2.1002.1)
    journey (1.0.4)
    jquery-rails (2.2.2)
      railties (>= 3.0, < 5.0)
      thor (>= 0.14, < 2.0)
    jquery-ui-rails (4.0.5)
      railties (>= 3.1.0)
    jruby-memcached (0.5.5)
    jruby-openssl (0.9.0)
      bouncy-castle-java (>= 1.5.0147)
    jruby-rack (1.1.13.2)
    json (1.8.0)
    json (1.8.0-java)
    jwt (0.1.8)
      multi_json (>= 1.5)
    kaminari (0.14.1)
      actionpack (>= 3.0.0)
      activesupport (>= 3.0.0)
    kgio (2.8.1)
    launchy (2.3.0)
      addressable (~> 2.3)
    less (2.4.0)
      commonjs (~> 0.2.7)
    less-rails (2.4.2)
      actionpack (>= 3.1)
      less (~> 2.4.0)
    libv8 (3.16.14.3)
    locale (2.0.9)
    mail (2.5.4)
      mime-types (~> 1.16)
      treetop (~> 1.4.8)
    memcached (1.7.0)
    meta_search (1.1.3)
      actionpack (~> 3.1)
      activerecord (~> 3.1)
      activesupport (~> 3.1)
      polyamorous (~> 0.5.0)
    method_source (0.8.2)
    mime-types (1.25)
    mini_magick (3.6.0)
      subexec (~> 0.2.1)
    multi_json (1.8.0)
    multi_test (0.0.2)
    multipart-post (1.2.0)
    net-scp (1.1.2)
      net-ssh (>= 2.6.5)
    net-sftp (2.1.2)
      net-ssh (>= 2.6.5)
    net-ssh (2.7.0)
    net-ssh-gateway (1.2.0)
      net-ssh (>= 2.6.5)
    newrelic_rpm (3.6.7.152)
    nifty-generators (0.4.6)
    nokogiri (1.5.10)
    nokogiri (1.5.10-java)
    oauth (0.4.7)
    oauth2 (0.8.1)
      faraday (~> 0.8)
      httpauth (~> 0.1)
      jwt (~> 0.1.4)
      multi_json (~> 1.0)
      rack (~> 1.2)
    omniauth (1.1.4)
      hashie (>= 1.2, < 3)
      rack
    omniauth-facebook (1.4.1)
      omniauth-oauth2 (~> 1.1.0)
    omniauth-google-oauth2 (0.2.1)
      omniauth (~> 1.0)
      omniauth-oauth2
    omniauth-oauth (1.0.1)
      oauth
      omniauth (~> 1.0)
    omniauth-oauth2 (1.1.1)
      oauth2 (~> 0.8.0)
      omniauth (~> 1.0)
    omniauth-twitter (1.0.0)
      multi_json (~> 1.3)
      omniauth-oauth (~> 1.0)
    orm_adapter (0.4.0)
    paper_trail (2.6.4)
      activerecord (~> 3.0)
      railties (~> 3.0)
    pg (0.17.0)
    pg-hstore (1.2.0)
    pg_power (1.6.2)
      pg
      rails (~> 3.1)
    polyamorous (0.5.0)
      activerecord (~> 3.0)
    polyglot (0.3.3)
    pr_geohash (1.0.0)
    pry (0.9.12.2)
      coderay (~> 1.0.5)
      method_source (~> 0.8)
      slop (~> 3.4)
    pry (0.9.12.2-java)
      coderay (~> 1.0.5)
      method_source (~> 0.8)
      slop (~> 3.4)
      spoon (~> 0.0)
    pry-rails (0.3.2)
      pry (>= 0.9.10)
    rack (1.4.5)
    rack-cache (1.2)
      rack (>= 0.4)
    rack-protection (1.5.0)
      rack
    rack-ssl (1.3.3)
      rack
    rack-test (0.6.2)
      rack (>= 1.0)
    rails (3.2.14)
      actionmailer (= 3.2.14)
      actionpack (= 3.2.14)
      activerecord (= 3.2.14)
      activeresource (= 3.2.14)
      activesupport (= 3.2.14)
      bundler (~> 1.0)
      railties (= 3.2.14)
    rails3_libmemcached_store (0.5.1)
      memcached
    rails_config (0.3.3)
      activesupport (>= 3.0)
    railties (3.2.14)
      actionpack (= 3.2.14)
      activesupport (= 3.2.14)
      rack-ssl (~> 1.3.2)
      rake (>= 0.8.7)
      rdoc (~> 3.4)
      thor (>= 0.14.6, < 2.0)
    raindrops (0.12.0)
    rake (10.1.0)
    rakismet (1.3.0)
    rdoc (3.12.2)
      json (~> 1.4)
    redis (3.0.4)
    redis-namespace (1.3.1)
      redis (~> 3.0.0)
    ref (1.0.5)
    responders (1.0.0)
      railties (>= 3.2, < 5)
    rsolr (1.0.9)
      builder (>= 2.1.2)
    rspec (2.14.1)
      rspec-core (~> 2.14.0)
      rspec-expectations (~> 2.14.0)
      rspec-mocks (~> 2.14.0)
    rspec-core (2.14.5)
    rspec-expectations (2.14.2)
      diff-lcs (>= 1.1.3, < 2.0)
    rspec-instafail (0.2.4)
    rspec-mocks (2.14.3)
    rspec-rails (2.14.0)
      actionpack (>= 3.0)
      activesupport (>= 3.0)
      railties (>= 3.0)
      rspec-core (~> 2.14.0)
      rspec-expectations (~> 2.14.0)
      rspec-mocks (~> 2.14.0)
    ruby-hmac (0.4.0)
    ruby-progressbar (1.2.0)
    ruby2ruby (2.0.6)
      ruby_parser (~> 3.1)
      sexp_processor (~> 4.0)
    ruby_parser (3.2.2)
      sexp_processor (~> 4.1)
    rvm-capistrano (1.5.0)
      capistrano (>= 2.15.4)
    sass (3.2.10)
    sass-rails (3.2.6)
      railties (~> 3.2.0)
      sass (>= 3.1.10)
      tilt (~> 1.3)
    sexp_processor (4.3.0)
    sidekiq (2.14.1)
      celluloid (>= 0.14.1)
      connection_pool (>= 1.0.0)
      json
      redis (>= 3.0.4)
      redis-namespace (>= 1.3.1)
    simple_oauth (0.2.0)
    sinatra (1.4.3)
      rack (~> 1.4)
      rack-protection (~> 1.4)
      tilt (~> 1.3, >= 1.3.4)
    sitemap_generator (3.4)
      builder
    slim (2.0.1)
      temple (~> 0.6.6)
      tilt (>= 1.3.3, < 2.1)
    slop (3.4.6)
    spoon (0.0.4)
      ffi
    sprockets (2.2.2)
      hike (~> 1.2)
      multi_json (~> 1.0)
      rack (~> 1.0)
      tilt (~> 1.1, != 1.3.0)
    squeel (1.0.18)
      activerecord (~> 3.0)
      activesupport (~> 3.0)
      polyamorous (~> 0.5.0)
    statistics2 (0.54)
    subexec (0.2.3)
    sunspot_test (0.4.0)
      sunspot_rails (>= 1.2.1)
    tabletastic (0.2.3)
      activesupport (~> 3.0)
    temple (0.6.6)
    terminal-table (1.4.5)
    therubyracer (0.12.0)
      libv8 (~> 3.16.14.0)
      ref
    therubyrhino (2.0.2)
      therubyrhino_jar (>= 1.7.3)
    therubyrhino_jar (1.7.4)
    thor (0.18.1)
    thumbs_up (0.6.7)
      activerecord
      statistics2
    tilt (1.4.1)
    timers (1.1.0)
    tinymce-rails (3.5.8)
      railties (>= 3.1.1)
    tinymce-rails-imageupload (3.5.6.4)
      railties (>= 3.1)
      tinymce-rails (>= 3.4.9)
    treetop (1.4.15)
      polyglot
      polyglot (>= 0.3.1)
    turbo-sprockets-rails3 (0.3.10)
      railties (> 3.2.8, < 4.0.0)
      sprockets (>= 2.0.0)
    turbolinks (1.3.0)
      coffee-rails
    turn (0.8.3)
      ansi
    twitter (4.8.1)
      faraday (~> 0.8, < 0.10)
      multi_json (~> 1.0)
      simple_oauth (~> 0.2)
    twitter-bootstrap-rails (2.2.8)
      actionpack (>= 3.1)
      execjs
      rails (>= 3.1)
      railties (>= 3.1)
    tzinfo (0.3.37)
    uglifier (2.2.1)
      execjs (>= 0.3.0)
      multi_json (~> 1.0, >= 1.0.2)
    unicorn (4.6.3)
      kgio (~> 2.6)
      rack
      raindrops (~> 0.7)
    warden (1.2.3)
      rack (>= 1.0)
    webrat (0.7.3)
      nokogiri (>= 1.2.0)
      rack (>= 1.0)
      rack-test (>= 0.5.3)
    xpath (2.0.0)
      nokogiri (~> 1.3)

PLATFORMS
  java
  ruby

DEPENDENCIES
  activeadmin!
  activerecord-jdbcpostgresql-adapter
  activerecord-postgres-hstore!
  anytime!
  brakeman
  bundler
  cancan (~> 1.6.7)
  capistrano
  capistrano-ext
  capybara (>= 1.0.1)
  carrierwave (~> 0.8.0)
  celluloid
  coffee-rails (~> 3.2.2)
  country-select
  cucumber-rails
  database_cleaner
  devise (~> 2.0)
  exception_notification (~> 2.6.0)
  execjs
  factory_girl (~> 4.0)
  factory_girl_rails (~> 4.0)
  fast_gettext
  fog (~> 1.12.1)
  foreman
  friendly_id (~> 4.0)
  fuubar
  gettext (~> 2.2.1)
  gettext_i18n_rails
  haml
  hirb
  jquery-rails (~> 2.2.1)
  jquery-ui-rails
  jruby-memcached
  jruby-openssl
  jruby-rack
  json
  kaminari
  koala!
  launchy (>= 2.0.5)
  lazy_high_charts!
  less
  less-rails
  letter_opener!
  locale
  meta_search
  mini_magick
  multi_json
  net-scp (~> 1.1)
  newrelic_rpm
  nifty-generators
  omniauth
  omniauth-facebook
  omniauth-google-oauth2
  omniauth-oauth
  omniauth-oauth2
  omniauth-twitter
  omniauth-windowslive!
  opinio!
  paper_trail (~> 2.6.3)
  pg
  pg_power
  pry-rails
  rack
  rack-cache
  rails (= 3.2.14)
  rails3_libmemcached_store
  rails_config
  rake
  rakismet
  redis
  rspec
  rspec-rails
  ruby_parser
  rvm-capistrano
  sass (~> 3.2)
  sass-rails
  sidekiq
  simple_captcha!
  simple_oauth
  sinatra
  sitemap_generator (~> 3.4)
  slim
  sql_funk!
  squeel
  sunspot!
  sunspot_rails!
  sunspot_solr!
  sunspot_test
  tabletastic
  therubyracer
  therubyrhino
  thumbs_up
  tinymce-rails (= 3.5.8)
  tinymce-rails-imageupload (~> 3.5.6.3)
  turbo-sprockets-rails3
  turbolinks
  turn (~> 0.8.3)
  twitter (~> 4.0)
  twitter-bootstrap-rails
  uglifier (>= 1.2.5)
  unicorn
  validates_email_format_of!
  webrat (~> 0.7.3)
  xpath
